STRATEGY: MAX
RESTRICTION: == net461
NUGET
  remote: https://api.nuget.org/v3/index.json
    CommonServiceLocator (2.0.3)
    Prism.Core (7.0.0.396)
    Prism.Wpf (6.3)
      CommonServiceLocator (>= 1.3)
      Prism.Core (>= 6.3)
